GIT
  remote: git://github.com/dgilperez/pagantis-ruby.git
  revision: 2002111426c18017d65656e4f3942751e5e3c9f9
  specs:
    pagantis-ruby (0.1.0)
      activeresource (>= 3.2, < 4.2.0)

PATH
  remote: .
  specs:
    pagantis-rails (0.0.1)

GEM
  remote: https://rubygems.org/
  specs:
    activemodel (4.0.4)
      activesupport (= 4.0.4)
      builder (~> 3.1.0)
    activeresource (4.0.0)
      activemodel (~> 4.0)
      activesupport (~> 4.0)
      rails-observers (~> 0.1.1)
    activesupport (4.0.4)
      i18n (~> 0.6, >= 0.6.9)
      minitest (~> 4.2)
      multi_json (~> 1.3)
      thread_safe (~> 0.1)
      tzinfo (~> 0.3.37)
    atomic (1.1.16)
    builder (3.1.4)
    diff-lcs (1.2.5)
    i18n (0.6.9)
    minitest (4.7.5)
    multi_json (1.9.2)
    rails-observers (0.1.2)
      activemodel (~> 4.0)
    rake (10.2.0)
    rspec (2.14.1)
      rspec-core (~> 2.14.0)
      rspec-expectations (~> 2.14.0)
      rspec-mocks (~> 2.14.0)
    rspec-core (2.14.8)
    rspec-expectations (2.14.5)
      diff-lcs (>= 1.1.3, < 2.0)
    rspec-mocks (2.14.6)
    thread_safe (0.3.1)
      atomic (>= 1.1.7, < 2)
    tzinfo (0.3.39)

PLATFORMS
  ruby

DEPENDENCIES
  bundler (~> 1.3)
  pagantis-rails!
  pagantis-ruby (~> 0.1)!
  rake
  rspec
